GEM
  remote: https://rubygems.org/
  specs:
    aws-sdk (1.60.1)
      aws-sdk-v1 (= 1.60.1)
    aws-sdk-v1 (1.60.1)
      json (~> 1.4)
      nokogiri (>= 1.4.4)
    elasticsearch (1.0.6)
      elasticsearch-api (= 1.0.6)
      elasticsearch-transport (= 1.0.6)
    elasticsearch-api (1.0.6)
      multi_json
    elasticsearch-transport (1.0.6)
      faraday
      multi_json
    faraday (0.9.0)
      multipart-post (>= 1.2, < 3)
    json (1.8.1)
    mini_portile (0.6.1)
    multi_json (1.10.1)
    multipart-post (2.0.0)
    nokogiri (1.6.5)
      mini_portile (~> 0.6.0)

PLATFORMS
  ruby

DEPENDENCIES
  aws-sdk
  elasticsearch
